GEM
  remote: http://rubygems.org/
  specs:
    erubis (2.7.0)
    kgio (2.7.0)
    rack (1.4.0)
    rack-protection (1.2.0)
      rack
    raindrops (0.8.0)
    sass (3.1.12)
    sinatra (1.3.2)
      rack (~> 1.3, >= 1.3.6)
      rack-protection (~> 1.2)
      tilt (~> 1.3, >= 1.3.3)
    tilt (1.3.3)
    unicorn (4.1.1)
      kgio (~> 2.4)
      rack
      raindrops (~> 0.6)

PLATFORMS
  ruby

DEPENDENCIES
  erubis (~> 2.7.0)
  sass (~> 3.1.12)
  sinatra (~> 1.3.2)
  unicorn
