GEM
  remote: http://rubygems.org/
  specs:
    daemons (1.1.5)
    erubis (2.7.0)
    eventmachine (0.12.10)
    kgio (2.7.0)
    rack (1.4.0)
    rack-protection (1.2.0)
      rack
    raindrops (0.8.0)
    sinatra (1.3.2)
      rack (~> 1.3, >= 1.3.6)
      rack-protection (~> 1.2)
      tilt (~> 1.3, >= 1.3.3)
    thin (1.3.1)
      daemons (>= 1.0.9)
      eventmachine (>= 0.12.6)
      rack (>= 1.0.0)
    tilt (1.3.3)
    unicorn (4.1.1)
      kgio (~> 2.4)
      rack
      raindrops (~> 0.6)

PLATFORMS
  ruby

DEPENDENCIES
  erubis (~> 2.7.0)
  sinatra (~> 1.3.2)
  thin
  unicorn
